GEM
  remote: https://rubygems.org/
  specs:
    addressable (2.7.0)
      public_suffix (>= 2.0.2, < 5.0)
    awesome-pry (0.0.4)
      awesome_print
      pry
      pry-byebug
      pry-coolline
      pry-doc
      pry-rails
      pry-stack_explorer
    awesome_print (1.8.0)
    bcrypt (3.1.13)
    binding_of_caller (0.8.0)
      debug_inspector (>= 0.0.1)
    byebug (11.0.1)
    chunky_png (1.3.11)
    coderay (1.1.2)
    coolline (0.5.0)
      unicode_utils (~> 1.4)
    debug_inspector (0.0.3)
    dotenv (2.7.5)
    jwt (2.2.1)
    mail (2.7.1)
      mini_mime (>= 0.1.1)
    method_source (0.9.2)
    mini_mime (1.0.2)
    nio4r (2.5.2)
    pg (1.1.4)
    pry (0.12.2)
      coderay (~> 1.1.0)
      method_source (~> 0.9.0)
    pry-byebug (3.7.0)
      byebug (~> 11.0)
      pry (~> 0.10)
    pry-coolline (0.2.5)
      coolline (~> 0.5)
    pry-doc (1.0.0)
      pry (~> 0.11)
      yard (~> 0.9.11)
    pry-rails (0.3.9)
      pry (>= 0.10.4)
    pry-stack_explorer (0.4.9.3)
      binding_of_caller (>= 0.7)
      pry (>= 0.9.11)
    public_suffix (4.0.1)
    puma (4.3.1)
      nio4r (~> 2.0)
    rack (2.0.8)
    rack_csrf (2.6.0)
      rack (>= 1.1.0)
    require_all (3.0.0)
    roda (3.26.0)
      rack
    roda-basic-auth (0.1.1)
      roda (>= 2.0, < 4.0)
    rodauth (1.22.0)
      roda (>= 2.6.0)
      sequel (>= 4)
    rotp (5.1.0)
      addressable (~> 2.5)
    rqrcode (1.1.2)
      chunky_png (~> 1.0)
      rqrcode_core (~> 0.1)
    rqrcode_core (0.1.1)
    sequel (5.27.0)
    sequel_pg (1.12.2)
      pg (>= 0.18.0)
      sequel (>= 4.38.0)
    sqlite3 (1.4.1)
    tilt (2.0.10)
    unicode_utils (1.4.0)
    yard (0.9.20)

PLATFORMS
  ruby

DEPENDENCIES
  awesome-pry
  bcrypt
  dotenv (~> 2.4)
  jwt
  mail
  pry-byebug
  puma
  rack_csrf
  require_all
  roda
  roda-basic-auth
  rodauth
  rotp
  rqrcode
  sequel (>= 5)
  sequel_pg (>= 1.8)
  sqlite3
  tilt

BUNDLED WITH
   1.17.2
