GEM
  remote: https://rubygems.org/
  specs:
    awesome-pry (0.0.4)
      awesome_print
      pry
      pry-byebug
      pry-coolline
      pry-doc
      pry-rails
      pry-stack_explorer
    awesome_print (1.8.0)
    binding_of_caller (0.8.0)
      debug_inspector (>= 0.0.1)
    byebug (11.0.1)
    coderay (1.1.2)
    coolline (0.5.0)
      unicode_utils (~> 1.4)
    debug_inspector (0.0.3)
    dotenv (2.7.5)
    method_source (0.9.2)
    nio4r (2.5.2)
    pry (0.12.2)
      coderay (~> 1.1.0)
      method_source (~> 0.9.0)
    pry-byebug (3.7.0)
      byebug (~> 11.0)
      pry (~> 0.10)
    pry-coolline (0.2.5)
      coolline (~> 0.5)
    pry-doc (1.0.0)
      pry (~> 0.11)
      yard (~> 0.9.11)
    pry-rails (0.3.9)
      pry (>= 0.10.4)
    pry-stack_explorer (0.4.9.3)
      binding_of_caller (>= 0.7)
      pry (>= 0.9.11)
    puma (4.2.1)
      nio4r (~> 2.0)
    rack (2.0.7)
    roda (3.25.0)
      rack
    tilt (2.0.10)
    unicode_utils (1.4.0)
    yard (0.9.20)

PLATFORMS
  ruby

DEPENDENCIES
  awesome-pry
  dotenv (~> 2.4)
  pry-byebug
  puma
  roda
  tilt

BUNDLED WITH
   2.0.2
